PATH
  remote: .
  specs:
    vagrant-windows (0.2.0)
      highline
      winrm (~> 1.1.1)

GEM
  remote: http://rubygems.org/
  specs:
    akami (1.2.0)
      gyoku (>= 0.4.0)
      nokogiri (>= 1.4.0)
    builder (3.0.4)
    ffi (1.4.0)
    gssapi (1.0.3)
      ffi (>= 1.0.1)
    gyoku (0.4.6)
      builder (>= 2.1.2)
    highline (1.6.15)
    httpclient (2.2.0.2)
    httpi (0.9.7)
      rack
    little-plugger (1.1.3)
    logging (1.6.2)
      little-plugger (>= 1.1.3)
    nokogiri (1.5.6)
    nori (1.1.3)
    rack (1.5.2)
    rubyntlm (0.1.1)
    savon (0.9.5)
      akami (~> 1.0)
      builder (>= 2.1.2)
      gyoku (>= 0.4.0)
      httpi (~> 0.9)
      nokogiri (>= 1.4.0)
      nori (~> 1.0)
      wasabi (~> 1.0)
    uuidtools (2.1.3)
    wasabi (1.0.0)
      nokogiri (>= 1.4.0)
    winrm (1.1.2)
      gssapi (~> 1.0.0)
      httpclient (~> 2.2.0.2)
      logging (~> 1.6.1)
      nokogiri (~> 1.5.0)
      rubyntlm (~> 0.1.1)
      savon (= 0.9.5)
      uuidtools (~> 2.1.2)

PLATFORMS
  ruby

DEPENDENCIES
  vagrant-windows!
